PATH
  remote: .
  specs:
    uuidtools (2.1.1)

GEM
  remote: https://rubygems.org/
  specs:
    addressable (2.2.8)
    diff-lcs (1.1.3)
    json_pure (1.7.3)
    launchy (2.1.0)
      addressable (~> 2.2.6)
    rake (0.9.2.2)
    redcarpet (2.1.1)
    rspec (2.11.0)
      rspec-core (~> 2.11.0)
      rspec-expectations (~> 2.11.0)
      rspec-mocks (~> 2.11.0)
    rspec-core (2.11.0)
    rspec-expectations (2.11.1)
      diff-lcs (~> 1.1.3)
    rspec-mocks (2.11.1)
    rubyforge (2.0.4)
      json_pure (>= 1.1.7)
    yard (0.8.2.1)

PLATFORMS
  ruby

DEPENDENCIES
  launchy (>= 2.0.0)
  rake (>= 0.7.3)
  redcarpet
  rspec (>= 2.9.0)
  rubyforge
  uuidtools!
  yard
